PATH
  remote: .
  specs:
    backup2everbox (0.0.2)
      activesupport
      backup
      oauth
      rest-client

GEM
  remote: http://rubygems.org/
  specs:
    POpen4 (0.1.4)
      Platform (>= 0.4.0)
      open4
    Platform (0.4.0)
    activesupport (3.2.3)
      i18n (~> 0.6)
      multi_json (~> 1.0)
    backup (3.0.23)
      POpen4 (~> 0.1.4)
      thor (~> 0.14.6)
    i18n (0.6.0)
    json (1.6.6)
    mime-types (1.18)
    multi_json (1.2.0)
    oauth (0.4.5)
    open4 (1.3.0)
    rake (0.8.7)
    rdoc (3.12)
      json (~> 1.4)
    rest-client (1.6.7)
      mime-types (>= 1.16)
    thor (0.14.6)

PLATFORMS
  ruby

DEPENDENCIES
  backup2everbox!
  bundler (>= 1.0.0)
  rake (= 0.8.7)
  rdoc
